GEM
  remote: https://rubygems.org/
  specs:
    builder (3.2.2)
    bunny (0.7.9)
    chef (10.30.2)
      bunny (>= 0.6.0, < 0.8.0)
      erubis
      highline (~> 1.6, >= 1.6.9)
      json (>= 1.4.4, <= 1.7.7)
      mime-types (~> 1.16)
      mixlib-authentication (~> 1.3)
      mixlib-cli (~> 1.1)
      mixlib-config (~> 1.1, >= 1.1.2)
      mixlib-log (~> 1.3)
      mixlib-shellout (~> 1.3)
      moneta (< 0.7.0)
      net-ssh (~> 2.6)
      net-ssh-multi (~> 1.1.0)
      ohai (>= 0.6.0, < 7.0.0)
      rest-client (>= 1.0.4, < 1.7.0)
      treetop (~> 1.4.9)
      uuidtools
      yajl-ruby (~> 1.1)
    chefspec (2.0.1)
      chef (>= 10.0)
      erubis
      fauxhai (~> 1.1)
      minitest-chef-handler (>= 0.6.0)
      rspec (~> 2.0)
    ci_reporter (1.9.0)
      builder (>= 2.1.2)
    coderay (1.1.0)
    diff-lcs (1.2.5)
    erubis (2.7.0)
    fauxhai (1.1.1)
      httparty
      net-ssh
      ohai
    highline (1.6.20)
    httparty (0.11.0)
      multi_json (~> 1.0)
      multi_xml (>= 0.5.2)
    ipaddress (0.8.0)
    json (1.7.7)
    method_source (0.8.2)
    mime-types (1.25.1)
    minitest (4.7.5)
    minitest-chef-handler (1.0.1)
      chef
      ci_reporter
      minitest (~> 4.7.3)
    mixlib-authentication (1.3.0)
      mixlib-log
    mixlib-cli (1.4.0)
    mixlib-config (1.1.2)
    mixlib-log (1.6.0)
    mixlib-shellout (1.3.0)
    moneta (0.6.0)
    multi_json (1.8.2)
    multi_xml (0.5.5)
    net-ssh (2.7.0)
    net-ssh-gateway (1.2.0)
      net-ssh (>= 2.6.5)
    net-ssh-multi (1.1)
      net-ssh (>= 2.1.4)
      net-ssh-gateway (>= 0.99.0)
    ohai (6.20.0)
      ipaddress
      mixlib-cli
      mixlib-config
      mixlib-log
      mixlib-shellout
      systemu (~> 2.5.2)
      yajl-ruby
    polyglot (0.3.3)
    pry (0.9.12.4)
      coderay (~> 1.0)
      method_source (~> 0.8)
      slop (~> 3.4)
    rake (10.1.0)
    rest-client (1.6.7)
      mime-types (>= 1.16)
    rspec (2.14.1)
      rspec-core (~> 2.14.0)
      rspec-expectations (~> 2.14.0)
      rspec-mocks (~> 2.14.0)
    rspec-core (2.14.7)
    rspec-expectations (2.14.4)
      diff-lcs (>= 1.1.3, < 2.0)
    rspec-mocks (2.14.4)
    slop (3.4.7)
    systemu (2.5.2)
    treetop (1.4.15)
      polyglot
      polyglot (>= 0.3.1)
    uuidtools (2.1.4)
    yajl-ruby (1.1.0)

PLATFORMS
  ruby

DEPENDENCIES
  chef (~> 10.26)
  chefspec (~> 2.0.1)
  pry
  rake
